PATH
  remote: .
  specs:
    embulk-filter-query_string_ruby (0.1.4)

GEM
  remote: https://rubygems.org/
  specs:
    embulk (0.8.16)
      jruby-jars (= 9.1.5.0)
    embulk (0.8.16-java)
      bundler (>= 1.10.6)
      liquid (~> 3.0.6)
      msgpack (~> 0.7.3)
      rjack-icu (~> 4.54.1.1)
    jruby-jars (9.1.5.0)
    liquid (3.0.6)
    msgpack (0.7.6-java)
    rake (12.0.0)
    rjack-icu (4.54.1.1-java)

PLATFORMS
  java
  ruby

DEPENDENCIES
  bundler (>= 1.10.6)
  embulk (>= 0.8.14)
  embulk-filter-query_string_ruby!
  rake (>= 10.0)

BUNDLED WITH
   1.14.3
